NUGET
  remote: https://www.nuget.org/api/v2
  specs:
    Deedle (1.2.5)
    Deedle.RPlugin (1.2.5)
      Deedle (>= 1.2.5)
      R.NET.Community (>= 1.6.4)
      R.NET.Community.FSharp (>= 1.6.4)
      RProvider (>= 1.1.13)
    DynamicInterop (0.7.4)
    FAKE (4.39.1)
    FSharp.Charting (0.90.14)
    FSharp.Core (4.0.0.1)
    FSharp.Data (2.3.1)
      Zlib.Portable (>= 1.11.0) - framework: portable-net45+sl5+win8, portable-net45+win8, portable-net45+win8+wp8+wpa81
    FsLab (1.0.1)
      Deedle (1.2.5)
      Deedle.RPlugin (1.2.5)
      DynamicInterop (0.7.4)
      FSharp.Charting (0.90.14)
      FSharp.Data (2.3.1)
      Google.DataTable.Net.Wrapper (3.1.2)
      MathNet.Numerics (3.12.0)
      MathNet.Numerics.FSharp (3.12.0)
      Newtonsoft.Json (9.0.1)
      R.NET.Community (1.6.5)
      R.NET.Community.FSharp (1.6.5)
      RProvider (1.1.20)
      Suave (1.1.3)
      XPlot.GoogleCharts (1.3.1)
      XPlot.GoogleCharts.Deedle (1.3.1)
      XPlot.Plotly (1.3.1)
    Google.DataTable.Net.Wrapper (3.1.2)
    Hopac (0.3.15)
    Http.fs (4.0.2)
      FSharp.Core (>= 3.1.2.5)
      Hopac (>= 0.3.13)
    MathNet.Numerics (3.12.0)
      TaskParallelLibrary (>= 1.0.2856) - framework: net35
    MathNet.Numerics.FSharp (3.12.0)
      FSharp.Core (>= 3.1.2.5)
      MathNet.Numerics (3.12.0)
    Microsoft.CSharp (4.0.1) - framework: net10, net11
    Newtonsoft.Json (9.0.1)
      Microsoft.CSharp (>= 4.0.1) - framework: net10, net11
      System.Collections (>= 4.0.11) - framework: net10, net11
      System.Diagnostics.Debug (>= 4.0.11) - framework: net10, net11
      System.Dynamic.Runtime (>= 4.0.11) - framework: net10, net11
      System.Globalization (>= 4.0.11) - framework: net10, net11
      System.IO (>= 4.1.0) - framework: net10, net11
      System.Linq (>= 4.1.0) - framework: net10, net11
      System.Linq.Expressions (>= 4.1.0) - framework: net10, net11
      System.ObjectModel (>= 4.0.12) - framework: net10, net11
      System.Reflection (>= 4.1.0) - framework: net10, net11
      System.Reflection.Extensions (>= 4.0.1) - framework: net10, net11
      System.Resources.ResourceManager (>= 4.0.1) - framework: net10, net11
      System.Runtime (>= 4.1.0) - framework: net10, net11
      System.Runtime.Extensions (>= 4.1.0) - framework: net10, net11
      System.Runtime.Serialization.Primitives (>= 4.1.1) - framework: net10, net11
      System.Text.Encoding (>= 4.0.11) - framework: net10, net11
      System.Text.Encoding.Extensions (>= 4.0.11) - framework: net10, net11
      System.Text.RegularExpressions (>= 4.1.0) - framework: net10, net11
      System.Threading (>= 4.0.11) - framework: net10, net11
      System.Threading.Tasks (>= 4.0.11) - framework: net10, net11
      System.Xml.ReaderWriter (>= 4.0.11) - framework: net10, net11
      System.Xml.XDocument (>= 4.0.11) - framework: net10, net11
    R.NET.Community (1.6.5)
      DynamicInterop (0.7.4)
    R.NET.Community.FSharp (1.6.5)
      R.NET.Community (>= 1.6.5)
    RProvider (1.1.20)
      DynamicInterop (0.7.4)
      R.NET.Community (1.6.5)
      R.NET.Community.FSharp (1.6.5)
    Suave (1.1.3)
      FSharp.Core (>= 3.1.2.5)
    System.Collections (4.0.11) - framework: net10, net11
    System.Diagnostics.Debug (4.0.11) - framework: net10, net11
    System.Dynamic.Runtime (4.0.11) - framework: net10, net11
      System.Reflection.Emit (>= 4.0.1) - framework: net10, net11, net20, net30, net35, net40, net40
      System.Reflection.Emit.ILGeneration (>= 4.0.1) - framework: net10, net11, net20, net30, net35, net40, net40
      System.Reflection.Primitives (>= 4.0.1) - framework: net10, net11, net20, net30, net35, net40, net40
    System.Globalization (4.0.11) - framework: net10, net11
    System.IO (4.1.0) - framework: net10, net11
    System.Linq (4.1.0) - framework: net10, net11
    System.Linq.Expressions (4.1.0) - framework: net10, net11
      System.ObjectModel (>= 4.0.12) - framework: net10, net11, net20, net30, net35, net40, net40
      System.Reflection.Emit (>= 4.0.1) - framework: net10, net11, net20, net30, net35, net40, net40
    System.ObjectModel (4.0.12) - framework: net10, net11
    System.Reflection (4.1.0) - framework: net10, net11
    System.Reflection.Emit (4.0.1) - framework: net10, net11
      System.IO (>= 4.1.0) - framework: net10, net11, net20, net30, net35, net40, net40
      System.Reflection (>= 4.1.0) - framework: net10, net11, net20, net30, net35, net40, net40
      System.Reflection.Primitives (>= 4.0.1) - framework: net10, net11, net20, net30, net35, net40, net40
      System.Runtime (>= 4.1.0) - framework: net10, net11, net20, net30, net35, net40, net40
    System.Reflection.Emit.ILGeneration (4.0.1) - framework: net10, net11
      System.Reflection (>= 4.1.0) - framework: net10, net11, net20, net30, net35, net40, net40
      System.Reflection.Primitives (>= 4.0.1) - framework: net10, net11, net20, net30, net35, net40, net40
      System.Runtime (>= 4.1.0) - framework: net10, net11, net20, net30, net35, net40, net40
    System.Reflection.Extensions (4.0.1) - framework: net10, net11
    System.Reflection.Primitives (4.0.1) - framework: net10, net11
    System.Resources.ResourceManager (4.0.1) - framework: net10, net11
    System.Runtime (4.1.0) - framework: net10, net11
    System.Runtime.Extensions (4.1.0) - framework: net10, net11
    System.Runtime.Serialization.Primitives (4.1.1) - framework: net10, net11
    System.Text.Encoding (4.0.11) - framework: net10, net11
    System.Text.Encoding.Extensions (4.0.11) - framework: net10, net11
    System.Text.RegularExpressions (4.1.0) - framework: net10, net11
    System.Threading (4.0.11) - framework: net10, net11
    System.Threading.Tasks (4.0.11) - framework: net10, net11
    System.Xml.ReaderWriter (4.0.11) - framework: net10, net11
    System.Xml.XDocument (4.0.11) - framework: net10, net11
    TaskParallelLibrary (1.0.2856) - framework: net35
    XPlot.GoogleCharts (1.3.1)
      Google.DataTable.Net.Wrapper
      Newtonsoft.Json
    XPlot.GoogleCharts.Deedle (1.3.1)
      Deedle
      XPlot.GoogleCharts (>= 1.3.1)
    XPlot.Plotly (1.3.1)
      Http.fs
      Newtonsoft.Json
    Zlib.Portable (1.11.0) - framework: portable-net45+sl5+win8, portable-net45+win8, portable-net45+win8+wp8+wpa81
